GEM
  remote: https://rubygems.org/
  specs:
    childprocess (1.0.1)
      rake (< 13.0)
    diff-lcs (1.3)
    rake (12.3.3)
    regexp_parser (1.5.1)
    require_all (2.0.0)
    rspec (3.5.0)
      rspec-core (~> 3.5.0)
      rspec-expectations (~> 3.5.0)
      rspec-mocks (~> 3.5.0)
    rspec-core (3.5.4)
      rspec-support (~> 3.5.0)
    rspec-expectations (3.5.0)
      diff-lcs (>= 1.2.0, < 2.0)
      rspec-support (~> 3.5.0)
    rspec-mocks (3.5.0)
      diff-lcs (>= 1.2.0, < 2.0)
      rspec-support (~> 3.5.0)
    rspec-support (3.5.0)
    rubyzip (1.2.3)
    selenium-webdriver (3.10.0)
      childprocess (>= 0.5, < 2.0)
      rubyzip (~> 1.2, >= 1.2.2)
    watir (6.10.3)
      regexp_parser (~> 1.2)
      selenium-webdriver (~> 3.6)
    watir-scroll (0.4.0)
      watir (>= 6.0)

PLATFORMS
  ruby

DEPENDENCIES
  require_all
  rspec (= 3.5.0)
  watir
  watir-scroll

BUNDLED WITH
   2.0.1
